GIT
  remote: https://github.com/nretnilkram/nretnil-utilities
  revision: b3b447758781ea00bc70ab14b6b81c297b9e2c49
  specs:
    nretnil-utilities (0.1.0)

PATH
  remote: .
  specs:
    compendium-api (0.19.2)
      httparty

GEM
  remote: https://rubygems.org/
  specs:
    ansi (1.5.0)
    builder (3.2.4)
    httparty (0.21.0)
      mini_mime (>= 1.0.0)
      multi_xml (>= 0.5.2)
    mini_mime (1.1.5)
    minitest (5.20.0)
    minitest-reporters (1.0.20)
      ansi
      builder
      minitest (>= 5.0)
      ruby-progressbar
    minitest-retry (0.2.2)
      minitest (>= 5.0)
    multi_xml (0.6.0)
    rake (13.0.6)
    ruby-progressbar (1.13.0)

PLATFORMS
  ruby

DEPENDENCIES
  compendium-api!
  minitest
  minitest-reporters (~> 1.0.5)
  minitest-retry
  nretnil-utilities!
  rake

BUNDLED WITH
   2.4.21
